GEM
  remote: https://rubygems.org/
  remote: https://da0b9c8d:7904035a@enterprise.contribsys.com/
  specs:
    concurrent-ruby (1.1.7)
    connection_pool (2.2.3)
    einhorn (0.7.4)
    rack (2.2.3)
    rack-protection (2.1.0)
      rack
    redis (4.1.4)
    sidekiq (5.2.9)
      connection_pool (~> 2.2, >= 2.2.2)
      rack (~> 2.0)
      rack-protection (>= 1.5.0)
      redis (>= 3.3.5, < 4.2)
    sidekiq-ent (1.8.1)
      einhorn (= 0.7.4)
      sidekiq (>= 5.2.3)
      sidekiq-pro (>= 4.0.4)
    sidekiq-pro (4.0.5)
      concurrent-ruby (>= 1.0.5)
      sidekiq (>= 5.2.1)

PLATFORMS
  ruby

DEPENDENCIES
  sidekiq (~> 5.2.7)!
  sidekiq-ent (= 1.8.1)!
  sidekiq-pro (= 4.0.5)!

BUNDLED WITH
   2.1.4
